GEM
  remote: https://rubygems.org/
  specs:
    addressable (2.8.1)
      public_suffix (>= 2.0.2, < 6.0)
    data_objects (0.10.15)
      addressable (~> 2.1)
    dm-aggregates (1.2.0)
      dm-core (~> 1.2.0)
    dm-core (1.2.1)
      addressable (~> 2.3)
    dm-do-adapter (1.2.0)
      data_objects (~> 0.10.6)
      dm-core (~> 1.2.0)
    dm-migrations (1.2.0)
      dm-core (~> 1.2.0)
    dm-postgres-adapter (1.2.0)
      dm-do-adapter (~> 1.2.0)
      do_postgres (~> 0.10.6)
    dm-serializer (1.2.2)
      dm-core (~> 1.2.0)
      fastercsv (~> 1.5)
      json (~> 1.6)
      json_pure (~> 1.6)
      multi_json (~> 1.0)
    dm-timestamps (1.2.0)
      dm-core (~> 1.2.0)
    dm-validations (1.2.0)
      dm-core (~> 1.2.0)
    do_postgres (0.10.15)
      data_objects (= 0.10.15)
    docile (1.1.5)
    fastercsv (1.5.5)
    json (1.8.2)
    json_pure (1.8.2)
    multi_json (1.11.0)
    newrelic_rpm (3.11.0.283)
    public_suffix (3.1.1)
    puma (3.12.6)
    r18n-core (2.0.3)
    rack (1.6.13)
    rack-force_domain (0.3.0)
    rack-protection (1.5.5)
      rack
    rack-test (0.6.3)
      rack (>= 1.0)
    rack-timeout (0.2.1)
    rake (12.3.3)
    redcarpet (3.5.1)
    scrypt (1.1.0)
    shotgun (0.9.1)
      rack (>= 1.0)
    simplecov (0.9.2)
      docile (~> 1.1.0)
      multi_json (~> 1.0)
      simplecov-html (~> 0.9.0)
    simplecov-html (0.9.0)
    sinatra (1.4.5)
      rack (~> 1.4)
      rack-protection (~> 1.4)
      tilt (~> 1.3, >= 1.3.4)
    sinatra-flash-nicer (0.3.2)
      sinatra (>= 1.0.0)
    sinatra-r18n (2.0.3)
      r18n-core (= 2.0.3)
      sinatra (>= 1.3)
    sinatra-redirect-with-flash (0.2.1)
      sinatra (>= 1.0.0)
    stringex (2.5.2)
    tilt (1.4.1)

PLATFORMS
  ruby

DEPENDENCIES
  dm-aggregates
  dm-core
  dm-migrations
  dm-postgres-adapter
  dm-serializer
  dm-timestamps
  dm-validations
  json
  newrelic_rpm
  puma
  rack-force_domain
  rack-test
  rack-timeout
  rake
  redcarpet
  scrypt (= 1.1.0)
  shotgun
  simplecov
  sinatra
  sinatra-flash-nicer
  sinatra-r18n
  sinatra-redirect-with-flash
  stringex
